GEM
  remote: https://rubygems.org/
  specs:
    beefcake (1.0.0)
    mtrc (0.0.4)
    riemann-cli (0.1.2)
      riemann-client (>= 0.2.2)
      thor (>= 0.18.0)
    riemann-client (0.2.6)
      beefcake (>= 0.3.5, <= 1.0.0)
      mtrc (>= 0.0.4)
      trollop (>= 1.16.2)
    thor (0.19.4)
    trollop (2.1.2)

PLATFORMS
  ruby

DEPENDENCIES
  riemann-cli

BUNDLED WITH
   1.12.5
